GEM
  remote: https://rubygems.org/
  specs:
    activesupport (7.1.3.2)
      base64
      bigdecimal
      concurrent-ruby (~> 1.0, >= 1.0.2)
      connection_pool (>= 2.2.5)
      drb
      i18n (>= 1.6, < 2)
      minitest (>= 5.1)
      mutex_m
      tzinfo (~> 2.0)
    base64 (0.2.0)
    bigdecimal (3.1.7)
    concurrent-ruby (1.2.3)
    connection_pool (2.4.1)
    drb (2.2.1)
    i18n (1.14.4)
      concurrent-ruby (~> 1.0)
    json (2.7.1)
    minitest (5.22.3)
    mutex_m (0.2.0)
    psych (5.1.2)
      stringio
    slim (5.2.1)
      temple (~> 0.10.0)
      tilt (>= 2.1.0)
    stringio (3.1.0)
    temple (0.10.3)
    tilt (2.3.0)
    tzinfo (2.0.6)
      concurrent-ruby (~> 1.0)

PLATFORMS
  arm64-darwin-23
  ruby

DEPENDENCIES
  activesupport
  i18n
  json
  psych
  slim

RUBY VERSION
   ruby 3.3.0p0

BUNDLED WITH
   2.5.6
