GEM
  remote: https://rubygems.org/
  specs:
    concurrent-ruby (1.2.3)
    i18n (1.14.4)
      concurrent-ruby (~> 1.0)
    json (2.7.1)
    slim (5.2.1)
      temple (~> 0.10.0)
      tilt (>= 2.1.0)
    temple (0.10.3)
    tilt (2.3.0)
    yaml (0.3.0)

PLATFORMS
  arm64-darwin-23
  ruby

DEPENDENCIES
  i18n
  json
  slim
  yaml

RUBY VERSION
   ruby 3.3.0p0

BUNDLED WITH
   2.5.6
